FRAMEWORK: >= NET45
NUGET
  remote: https://www.nuget.org/api/v2
  specs:
    Eto.Forms (2.2)
    Eto.Platform.Gtk3 (2.2)
      Eto.Forms (2.2)
    Eto.Platform.Wpf (2.2)
      Eto.Forms (2.2)
    log4net (2.0.5)
    Moq (4.2.1510.2205)
    NUnit (3.2)
