FRAMEWORK: >= NET461
NUGET
  remote: https://www.nuget.org/api/v2
    Eto.Forms (2.2)
    Eto.Platform.Gtk3 (2.2)
      Eto.Forms (2.2)
    Eto.Platform.Mac (2.2)
      Eto.Forms (2.2)
    Eto.Platform.Mac.Template (2.2)
      Eto.Platform.Mac (2.2)
    Eto.Platform.Wpf (2.2)
      Eto.Forms (2.2)
    Eto.Serialization.Xaml (2.2)
      Eto.Forms (2.2)
      Portable.Xaml (>= 0.6.1)
    log4net (2.0.5)
    Moq (4.2.1510.2205)
    NUnit (3.2)
    NUnit.Engine (3.2)
    Portable.Xaml (0.13)
