FRAMEWORK: >= NET461
NUGET
  remote: https://www.nuget.org/api/v2
    MyToolkit (2.5.12)
    NUnit.Engine (3.2)
